GEM
  remote: http://rubygems.org/
  specs:
    activesupport (3.0.10)
    aws-s3 (0.6.2)
      builder
      mime-types
      xml-simple
    builder (3.0.0)
    coderay (0.9.8)
    cucumber (1.0.2)
      builder (>= 2.1.2)
      diff-lcs (>= 1.1.2)
      gherkin (~> 2.4.5)
      json (>= 1.4.6)
      term-ansicolor (>= 1.0.5)
    diff-lcs (1.1.3)
    gherkin (2.4.21)
      json (>= 1.4.6)
    json (1.6.1)
    method_source (0.6.6)
      ruby_parser (~> 2.0.5)
    mime-types (1.16)
    pry (0.9.6.2)
      coderay (~> 0.9.8)
      method_source (~> 0.6.5)
      ruby_parser (~> 2.0.5)
      slop (~> 2.1.0)
    redis (2.2.2)
    require_all (1.2.0)
    rspec (2.6.0)
      rspec-core (~> 2.6.0)
      rspec-expectations (~> 2.6.0)
      rspec-mocks (~> 2.6.0)
    rspec-core (2.6.4)
    rspec-expectations (2.6.0)
      diff-lcs (~> 1.1.2)
    rspec-mocks (2.6.0)
    ruby_parser (2.0.6)
      sexp_processor (~> 3.0)
    rubyzip (0.9.4)
    sexp_processor (3.0.7)
    slop (2.1.0)
    term-ansicolor (1.0.7)
    xml-simple (1.1.1)
    yajl-ruby (0.8.3)

PLATFORMS
  ruby

DEPENDENCIES
  activesupport (= 3.0.10)
  aws-s3 (= 0.6.2)
  cucumber (= 1.0.2)
  pry
  redis (= 2.2.2)
  require_all (= 1.2)
  rspec (= 2.6.0)
  rubyzip (= 0.9.4)
  yajl-ruby (= 0.8.3)
