GEM
  remote: http://rubygems.org/
  specs:
    activesupport (3.0.10)
    builder (3.0.0)
    cucumber (1.0.2)
      builder (>= 2.1.2)
      diff-lcs (>= 1.1.2)
      gherkin (~> 2.4.5)
      json (>= 1.4.6)
      term-ansicolor (>= 1.0.5)
    diff-lcs (1.1.2)
    gherkin (2.4.5)
      json (>= 1.4.6)
    git (1.2.5)
    jeweler (1.6.4)
      bundler (~> 1.0)
      git (>= 1.2.5)
      rake
    json (1.5.3)
    mahoro (0.3)
    rake (0.9.2)
    rcov (0.9.10)
    redis (2.2.2)
    rspec (2.6.0)
      rspec-core (~> 2.6.0)
      rspec-expectations (~> 2.6.0)
      rspec-mocks (~> 2.6.0)
    rspec-core (2.6.4)
    rspec-expectations (2.6.0)
      diff-lcs (~> 1.1.2)
    rspec-mocks (2.6.0)
    rubyzip (0.9.4)
    term-ansicolor (1.0.5)
    yajl-ruby (0.8.3)

PLATFORMS
  ruby

DEPENDENCIES
  activesupport (= 3.0.10)
  bundler (~> 1.0.0)
  cucumber (= 1.0.2)
  jeweler (= 1.6.4)
  mahoro (= 0.3)
  rcov (= 0.9.10)
  redis (= 2.2.2)
  rspec (= 2.6.0)
  rubyzip (= 0.9.4)
  yajl-ruby (= 0.8.3)
