GEM
  remote: http://rubygems.org/
  specs:
    activesupport (3.2.5)
      i18n (~> 0.6)
      multi_json (~> 1.0)
    aws-s3 (0.6.3)
      builder
      mime-types
      xml-simple
    builder (3.0.0)
    coderay (0.9.8)
    cucumber (1.2.0)
      builder (>= 2.1.2)
      diff-lcs (>= 1.1.3)
      gherkin (~> 2.10.0)
      json (>= 1.4.6)
    diff-lcs (1.1.3)
    gherkin (2.10.0)
      json (>= 1.4.6)
    i18n (0.6.0)
    json (1.6.5)
    method_source (0.6.6)
      ruby_parser (~> 2.0.5)
    mime-types (1.18)
    multi_json (1.3.5)
    pry (0.9.6.2)
      coderay (~> 0.9.8)
      method_source (~> 0.6.5)
      ruby_parser (~> 2.0.5)
      slop (~> 2.1.0)
    pry-doc (0.3.0)
      pry (>= 0.9.0)
      yard (>= 0.6.4)
    redis (3.0.1)
    require_all (1.2.1)
    rspec (2.10.0)
      rspec-core (~> 2.10.0)
      rspec-expectations (~> 2.10.0)
      rspec-mocks (~> 2.10.0)
    rspec-core (2.10.1)
    rspec-expectations (2.10.0)
      diff-lcs (~> 1.1.3)
    rspec-mocks (2.10.1)
    ruby_parser (2.0.6)
      sexp_processor (~> 3.0)
    rubyzip (0.9.8)
    sexp_processor (3.0.7)
    slop (2.1.0)
    xml-simple (1.1.1)
    yajl-ruby (1.1.0)
    yard (0.7.3)

PLATFORMS
  ruby

DEPENDENCIES
  activesupport (= 3.2.5)
  aws-s3 (= 0.6.3)
  cucumber (= 1.2.0)
  pry
  pry-doc
  redis (= 3.0.1)
  require_all (= 1.2.1)
  rspec (= 2.10.0)
  rubyzip (= 0.9.8)
  yajl-ruby (= 1.1.0)
