GEM
  remote: http://rubygems.org/
  specs:
    activesupport (3.0.9)
    archive-tar-minitar (0.5.2)
    builder (3.0.0)
    columnize (0.3.4)
    cucumber (1.0.2)
      builder (>= 2.1.2)
      diff-lcs (>= 1.1.2)
      gherkin (~> 2.4.5)
      json (>= 1.4.6)
      term-ansicolor (>= 1.0.5)
    database_cleaner (0.6.6)
    diff-lcs (1.1.2)
    gherkin (2.4.5)
      json (>= 1.4.6)
    git (1.2.5)
    jeweler (1.6.4)
      bundler (~> 1.0)
      git (>= 1.2.5)
      rake
    json (1.5.3)
    linecache19 (0.5.12)
      ruby_core_source (>= 0.1.4)
    mahoro (0.3)
    rake (0.8.7)
    rcov (0.9.10)
    redis (2.2.1)
    rspec (2.6.0)
      rspec-core (~> 2.6.0)
      rspec-expectations (~> 2.6.0)
      rspec-mocks (~> 2.6.0)
    rspec-core (2.6.4)
    rspec-expectations (2.6.0)
      diff-lcs (~> 1.1.2)
    rspec-mocks (2.6.0)
    ruby-debug-base19 (0.11.25)
      columnize (>= 0.3.1)
      linecache19 (>= 0.5.11)
      ruby_core_source (>= 0.1.4)
    ruby-debug19 (0.11.6)
      columnize (>= 0.3.1)
      linecache19 (>= 0.5.11)
      ruby-debug-base19 (>= 0.11.19)
    ruby-prof (0.10.7)
    ruby_core_source (0.1.5)
      archive-tar-minitar (>= 0.5.2)
    shoulda (2.11.3)
    term-ansicolor (1.0.5)
    yajl-ruby (0.8.1)

PLATFORMS
  ruby

DEPENDENCIES
  activesupport (= 3.0.9)
  bundler (~> 1.0.0)
  cucumber (= 1.0.2)
  database_cleaner (= 0.6.6)
  jeweler (~> 1.6.4)
  mahoro (= 0.3)
  rcov
  redis (= 2.2.1)
  rspec (= 2.6.0)
  ruby-debug19 (= 0.11.6)
  ruby-prof (= 0.10.7)
  shoulda
  yajl-ruby (= 0.8.1)
